PATH
  remote: .
  specs:
    filedots (0.0.1)
      thor (>= 0.14.6)

GEM
  remote: http://rubygems.org/
  specs:
    thor (0.14.6)

PLATFORMS
  ruby

DEPENDENCIES
  filedots!
  thor (>= 0.14.6)
